GEM
  remote: https://rubygems.org/
  specs:
    hashie (3.4.3)
    httparty (0.13.7)
      json (~> 1.8)
      multi_xml (>= 0.5.2)
    json (1.8.3)
    mail (2.6.3)
      mime-types (>= 1.16, < 3)
    mime-types (2.99.1)
    multi_xml (0.5.5)

PLATFORMS
  ruby

DEPENDENCIES
  hashie
  httparty
  mail

BUNDLED WITH
   1.11.2
